GEM
  remote: https://rubygems.org/
  specs:
    bundler-audit (0.4.0)
      bundler (~> 1.2)
      thor (~> 0.18)
    govuk_security_audit (0.2.0)
      bundler-audit (~> 0.4.0)
      thor (~> 0.19)
    thor (0.19.1)

PLATFORMS
  ruby

DEPENDENCIES
  govuk_security_audit (~> 0.2)

BUNDLED WITH
   1.11.2
